GEM
  remote: https://gems.ruby-china.org/
  specs:
    actioncable (5.2.0.beta2)
      actionpack (= 5.2.0.beta2)
      nio4r (~> 2.0)
      websocket-driver (~> 0.6.1)
    actionmailer (5.2.0.beta2)
      actionpack (= 5.2.0.beta2)
      actionview (= 5.2.0.beta2)
      activejob (= 5.2.0.beta2)
      mail (~> 2.5, >= 2.5.4)
      rails-dom-testing (~> 2.0)
    actionpack (5.2.0.beta2)
      actionview (= 5.2.0.beta2)
      activesupport (= 5.2.0.beta2)
      rack (~> 2.0)
      rack-test (>= 0.6.3)
      rails-dom-testing (~> 2.0)
      rails-html-sanitizer (~> 1.0, >= 1.0.2)
    actionview (5.2.0.beta2)
      activesupport (= 5.2.0.beta2)
      builder (~> 3.1)
      erubi (~> 1.4)
      rails-dom-testing (~> 2.0)
      rails-html-sanitizer (~> 1.0, >= 1.0.3)
    active_model_serializers (0.10.5)
      actionpack (>= 4.1, < 6)
      activemodel (>= 4.1, < 6)
      case_transform (>= 0.2)
      jsonapi-renderer (>= 0.1.1.beta1, < 0.2)
    activejob (5.2.0.beta2)
      activesupport (= 5.2.0.beta2)
      globalid (>= 0.3.6)
    activemodel (5.2.0.beta2)
      activesupport (= 5.2.0.beta2)
    activerecord (5.2.0.beta2)
      activemodel (= 5.2.0.beta2)
      activesupport (= 5.2.0.beta2)
      arel (>= 9.0)
    activestorage (5.2.0.beta2)
      actionpack (= 5.2.0.beta2)
      activerecord (= 5.2.0.beta2)
    activesupport (5.2.0.beta2)
      concurrent-ruby (~> 1.0, >= 1.0.2)
      i18n (~> 0.7)
      minitest (~> 5.1)
      tzinfo (~> 1.1)
    arel (9.0.0)
    awesome_print (1.7.0)
    babel-source (5.8.35)
    babel-transpiler (0.7.0)
      babel-source (>= 4.0, < 6)
      execjs (~> 2.0)
    builder (3.2.3)
    byebug (9.0.6)
    case_transform (0.2)
      activesupport
    chartjs-ror (3.3.1)
      rails (>= 3.1)
    chunky_png (1.3.8)
    coffee-rails (4.2.2)
      coffee-script (>= 2.2.0)
      railties (>= 4.0.0)
    coffee-script (2.4.1)
      coffee-script-source
      execjs
    coffee-script-source (1.12.2)
    concurrent-ruby (1.0.5)
    connection_pool (2.2.1)
    crass (1.0.3)
    debug_inspector (0.0.2)
    erubi (1.7.0)
    execjs (2.7.0)
    ffi (1.9.18)
    globalid (0.4.1)
      activesupport (>= 4.2.0)
    i18n (0.9.1)
      concurrent-ruby (~> 1.0)
    identicon (0.0.5)
      chunky_png
    jbuilder (2.6.3)
      activesupport (>= 3.0.0, < 5.2)
      multi_json (~> 1.2)
    jsonapi-renderer (0.1.2)
    listen (3.1.5)
      rb-fsevent (~> 0.9, >= 0.9.4)
      rb-inotify (~> 0.9, >= 0.9.7)
      ruby_dep (~> 1.2)
    loofah (2.1.1)
      crass (~> 1.0.2)
      nokogiri (>= 1.5.9)
    mail (2.7.0)
      mini_mime (>= 0.1.1)
    method_source (0.9.0)
    mini_mime (1.0.0)
    mini_portile2 (2.3.0)
    minitest (5.10.3)
    multi_json (1.12.1)
    mysql2 (0.4.5)
    newrelic_rpm (4.6.0.338)
    nio4r (2.1.0)
    nokogiri (1.8.1)
      mini_portile2 (~> 2.3.0)
    puma (3.8.2)
    rack (2.0.3)
    rack-test (0.8.2)
      rack (>= 1.0, < 3)
    rails (5.2.0.beta2)
      actioncable (= 5.2.0.beta2)
      actionmailer (= 5.2.0.beta2)
      actionpack (= 5.2.0.beta2)
      actionview (= 5.2.0.beta2)
      activejob (= 5.2.0.beta2)
      activemodel (= 5.2.0.beta2)
      activerecord (= 5.2.0.beta2)
      activestorage (= 5.2.0.beta2)
      activesupport (= 5.2.0.beta2)
      bundler (>= 1.3.0)
      railties (= 5.2.0.beta2)
      sprockets-rails (>= 2.0.0)
    rails-dom-testing (2.0.3)
      activesupport (>= 4.2.0)
      nokogiri (>= 1.6)
    rails-html-sanitizer (1.0.3)
      loofah (~> 2.0)
    railties (5.2.0.beta2)
      actionpack (= 5.2.0.beta2)
      activesupport (= 5.2.0.beta2)
      method_source
      rake (>= 0.8.7)
      thor (>= 0.18.1, < 2.0)
    rake (12.3.0)
    rb-fsevent (0.9.8)
    rb-inotify (0.9.8)
      ffi (>= 0.5.0)
    react-rails (2.4.3)
      babel-transpiler (>= 0.7.0)
      connection_pool
      execjs
      railties (>= 3.2)
      tilt
    redis (3.3.3)
    ruby_dep (1.5.0)
    sass (3.5.4)
      sass-listen (~> 4.0.0)
    sass-listen (4.0.0)
      rb-fsevent (~> 0.9, >= 0.9.4)
      rb-inotify (~> 0.9, >= 0.9.7)
    sass-rails (5.0.7)
      railties (>= 4.0.0, < 6)
      sass (~> 3.1)
      sprockets (>= 2.8, < 4.0)
      sprockets-rails (>= 2.0, < 4.0)
      tilt (>= 1.1, < 3)
    slim (3.0.7)
      temple (~> 0.7.6)
      tilt (>= 1.3.3, < 2.1)
    slim-rails (3.1.2)
      actionpack (>= 3.1)
      railties (>= 3.1)
      slim (~> 3.0)
    sprockets (3.7.1)
      concurrent-ruby (~> 1.0)
      rack (> 1, < 3)
    sprockets-es6 (0.9.2)
      babel-source (>= 5.8.11)
      babel-transpiler
      sprockets (>= 3.0.0)
    sprockets-rails (3.2.1)
      actionpack (>= 4.0)
      activesupport (>= 4.0)
      sprockets (>= 3.0.0)
    temple (0.7.7)
    thor (0.20.0)
    thread_safe (0.3.6)
    tilt (2.0.8)
    turbolinks (5.0.1)
      turbolinks-source (~> 5)
    turbolinks-source (5.0.0)
    tzinfo (1.2.4)
      thread_safe (~> 0.1)
    uglifier (4.0.2)
      execjs (>= 0.3.0, < 3)
    web-console (3.4.0)
      actionview (>= 5.0)
      activemodel (>= 5.0)
      debug_inspector
      railties (>= 5.0)
    websocket-driver (0.6.5)
      websocket-extensions (>= 0.1.0)
    websocket-extensions (0.1.3)

PLATFORMS
  ruby

DEPENDENCIES
  active_model_serializers (~> 0.10.4)
  awesome_print
  byebug
  chartjs-ror
  coffee-rails (~> 4.2.2)
  identicon
  jbuilder (~> 2.0)
  listen
  mysql2
  newrelic_rpm
  puma
  rails (>= 5.0.0.rc1, < 5.2)
  react-rails (~> 2.4.3)
  redis
  sass-rails
  slim
  slim-rails
  sprockets-es6
  turbolinks (~> 5.0.0.beta)
  uglifier (>= 1.3.0)
  web-console (~> 3.0)

BUNDLED WITH
   1.15.1
